GEM
  remote: http://rubygems.org/
  specs:
    columnize (0.3.2)
    crack (0.1.8)
    fusefs-osx (0.7.0)
    httparty (0.6.1)
      crack (= 0.1.8)
    linecache (0.43)
    ruby-debug (0.10.4)
      columnize (>= 0.1)
      ruby-debug-base (~> 0.10.4.0)
    ruby-debug-base (0.10.4)
      linecache (>= 0.3)

PLATFORMS
  ruby

DEPENDENCIES
  fusefs-osx
  httparty
  ruby-debug
